GEM
  remote: https://rubygems.org/
  specs:
    artii (2.1.1)
    concurrent-ruby (1.1.10)
    eventmachine (1.0.7)
    faraday (0.9.1)
      multipart-post (>= 1.2, < 3)
    faye-websocket (0.9.2)
      eventmachine (>= 0.12.0)
      websocket-driver (>= 0.5.1)
    http_router (0.11.2)
      rack (>= 1.0.0)
      url_mount (~> 0.2.1)
    i18n (1.10.0)
      concurrent-ruby (~> 1.0)
    ice_nine (0.11.1)
    lita (4.2.0)
      bundler (>= 1.3)
      faraday (>= 0.8.7)
      http_router (>= 0.11.1)
      i18n (>= 0.6.9)
      ice_nine (>= 0.11.0)
      multi_json (>= 1.7.7)
      puma (>= 2.7.1)
      rack (>= 1.5.2)
      rb-readline (>= 0.5.1)
      redis-namespace (>= 1.3.0)
      thor (>= 0.18.1)
    lita-ascii-art (0.0.3)
      artii (>= 2.0.4)
      lita (>= 3.0.0)
    lita-corporate-bs-generator (1.0.0)
      lita (>= 2.0)
      nokogiri
    lita-dice (0.0.1)
      lita (>= 2.7)
    lita-dogebomb (1.0.0)
      lita (>= 2.0)
    lita-excuses (0.0.6)
      lita (>= 2.2)
      nokogiri
    lita-flip (1.0.1)
      lita
    lita-google (1.0.0)
      lita (>= 4.0)
    lita-google-images (2.0.0)
      lita (>= 4.0)
    lita-karma (3.0.1)
      lita (>= 4.0)
    lita-pugbomb (1.0.2)
      lita (>= 2.0)
    lita-slack (1.1.0)
      eventmachine
      faraday
      faye-websocket (>= 0.8.0)
      lita (>= 4.0.4)
      multi_json
    lita-stocks (0.0.7)
      lita (>= 2.3)
    lita-wikipedia (0.0.3)
      lita (>= 3.1)
    lita-xkcd (0.0.5)
      lita (>= 2.2)
    mini_portile2 (2.4.0)
    multi_json (1.10.1)
    multipart-post (2.0.0)
    nio4r (2.4.0)
    nokogiri (1.10.4)
      mini_portile2 (~> 2.4.0)
    puma (4.1.0)
      nio4r (~> 2.0)
    rack (2.0.7)
    rb-readline (0.5.2)
    redis (3.2.1)
    redis-namespace (1.5.1)
      redis (~> 3.0, >= 3.0.4)
    thor (0.19.1)
    url_mount (0.2.1)
      rack
    websocket-driver (0.5.2)
      websocket-extensions (>= 0.1.0)
    websocket-extensions (0.1.2)

PLATFORMS
  ruby

DEPENDENCIES
  lita
  lita-ascii-art
  lita-corporate-bs-generator
  lita-dice
  lita-dogebomb
  lita-excuses
  lita-flip
  lita-google
  lita-google-images
  lita-karma
  lita-pugbomb
  lita-slack
  lita-stocks
  lita-wikipedia
  lita-xkcd
